PATH
  remote: .
  specs:
    ortsbo (0.0.3)
      json
      nokogiri

GEM
  remote: http://rubygems.org/
  specs:
    json (1.7.0)
    nokogiri (1.5.2)

PLATFORMS
  ruby

DEPENDENCIES
  ortsbo!
