PATH
  remote: .
  specs:
    ortsbo (1.0.0)
      httparty
      json
      nokogiri

GEM
  remote: http://rubygems.org/
  specs:
    httparty (0.9.0)
      multi_json (~> 1.0)
      multi_xml
    json (1.8.0)
    multi_json (1.7.7)
    multi_xml (0.5.1)
    nokogiri (1.5.6)

PLATFORMS
  ruby

DEPENDENCIES
  ortsbo!
