PATH
  remote: .
  specs:
    ortsbo (0.0.1)
      json
      nokogiri

GEM
  remote: http://rubygems.org/
  specs:
    json (1.6.6)
    nokogiri (1.5.2)

PLATFORMS
  ruby

DEPENDENCIES
  ortsbo!
